PATH
  remote: gems/asciidoc
  specs:
    asciidoc (0.0.2)

GEM
  remote: http://rubygems.org/
  specs:
    mustache (0.99.4)
    rack (1.4.1)
    rack-protection (1.2.0)
      rack
    redcarpet (2.1.0)
    rocco (0.8.2)
      mustache
      redcarpet
    shotgun (0.9)
      rack (>= 1.0)
    sinatra (1.3.2)
      rack (~> 1.3, >= 1.3.6)
      rack-protection (~> 1.2)
      tilt (~> 1.3, >= 1.3.3)
    tilt (1.3.3)

PLATFORMS
  ruby

DEPENDENCIES
  asciidoc!
  mustache
  rocco
  shotgun
  sinatra
