PATH
  remote: gems/asciidoc
  specs:
    asciidoc (0.0.2)
      nokogiri
      posix-spawn
      trollop
      uuid

GEM
  remote: https://rubygems.org/
  specs:
    macaddr (1.6.1)
      systemu (~> 2.5.0)
    mustache (0.99.4)
    mustermann (1.1.1)
      ruby2_keywords (~> 0.0.1)
    nokogiri (1.5.5)
    posix-spawn (0.3.6)
    rack (2.2.3)
    rack-protection (2.2.0)
      rack
    redcarpet (2.1.0)
    rocco (0.8.2)
      mustache
      redcarpet
    ruby2_keywords (0.0.5)
    shotgun (0.9)
      rack (>= 1.0)
    sinatra (2.2.0)
      mustermann (~> 1.0)
      rack (~> 2.2)
      rack-protection (= 2.2.0)
      tilt (~> 2.0)
    systemu (2.5.2)
    tilt (2.0.10)
    trollop (2.0)
    uuid (2.3.6)
      macaddr (~> 1.0)

PLATFORMS
  ruby

DEPENDENCIES
  asciidoc!
  mustache
  rocco
  shotgun
  sinatra
