PATH
  remote: gems/asciidoc
  specs:
    asciidoc (0.0.2)
      nokogiri
      posix-spawn
      trollop
      uuid

GEM
  remote: https://rubygems.org/
  specs:
    macaddr (1.6.1)
      systemu (~> 2.5.0)
    mini_portile2 (2.6.1)
    mustache (0.99.4)
    nokogiri (1.12.5)
      mini_portile2 (~> 2.6.1)
      racc (~> 1.4)
    posix-spawn (0.3.6)
    racc (1.5.2)
    rack (1.4.1)
    rack-protection (1.2.0)
      rack
    redcarpet (2.1.0)
    rocco (0.8.2)
      mustache
      redcarpet
    shotgun (0.9)
      rack (>= 1.0)
    sinatra (1.3.2)
      rack (~> 1.3, >= 1.3.6)
      rack-protection (~> 1.2)
      tilt (~> 1.3, >= 1.3.3)
    systemu (2.5.2)
    tilt (1.3.3)
    trollop (2.0)
    uuid (2.3.6)
      macaddr (~> 1.0)

PLATFORMS
  ruby

DEPENDENCIES
  asciidoc!
  mustache
  rocco
  shotgun
  sinatra
